GIT
  remote: git://github.com/btakita/rr.git
  revision: 1385208bbd3a0fdad6df2d2d06b50ecb40dfe9f3
  specs:
    rr (1.0.2)

PATH
  remote: .
  specs:
    rack-publish-exceptions (0.0.1)

GEM
  remote: http://rubygems.org/
  specs:
    json (1.5.3)
    minitest (2.3.1)
    rack (1.3.1)
    rack-test (0.6.0)
      rack (>= 1.0)
    rake (0.9.2)

PLATFORMS
  ruby

DEPENDENCIES
  bundler
  json
  minitest
  rack-publish-exceptions!
  rack-test
  rake
  rr!
