PATH
  remote: .
  specs:
    rack-publish-exceptions (0.0.1)

GEM
  remote: http://rubygems.org/
  specs:
    minitest (2.3.1)
    rake (0.9.2)

PLATFORMS
  ruby

DEPENDENCIES
  bundler
  minitest
  rack-publish-exceptions!
  rake
